GIT
  remote: git://github.com/kb/twitter4j4r.git
  revision: b2a987d4ded5d3b1ebe322d25e4c4078c2416408
  specs:
    twitter4j4r (0.1.3-java)

GEM
  remote: https://rubygems.org/
  specs:
    httparty (0.10.2)
      multi_json (~> 1.0)
      multi_xml (>= 0.5.2)
    json (1.7.7)
    json (1.7.7-java)
    multi_json (1.7.2)
    multi_xml (0.5.3)
    rake (10.0.4)
    redstorm (0.6.4)
      rake
    simple-metrics (0.0.11-java)

PLATFORMS
  java

DEPENDENCIES
  httparty
  json
  redstorm
  simple-metrics
  twitter4j4r!
